GEM
  remote: http://rubygems.org/
  specs:
    addressable (2.2.8)
    chunky_png (1.2.5)
    coffee-script (2.2.0)
      coffee-script-source
      execjs
    coffee-script-source (1.3.3)
    compass (0.12.1)
      chunky_png (~> 1.2)
      fssm (>= 0.2.7)
      sass (~> 3.1)
    em-websocket (0.3.6)
      addressable (>= 2.1.1)
      eventmachine (>= 0.12.9)
    eventmachine (0.12.10)
    execjs (1.4.0)
      multi_json (~> 1.0)
    fssm (0.2.9)
    growl_notify (0.0.3)
      rb-appscript
    guard (0.8.8)
      thor (~> 0.14.6)
    guard-coffeescript (0.6.0)
      coffee-script (>= 2.2.0)
      guard (>= 0.8.3)
    guard-compass (0.0.6)
      compass (>= 0.10.5)
      guard (>= 0.2.1)
    guard-livereload (0.3.1)
      em-websocket (>= 0.2.0)
      guard (>= 0.4.0)
      multi_json (~> 1.0.3)
    multi_json (1.0.4)
    rb-appscript (0.6.1)
    rb-fsevent (0.9.0)
    rb-readline (0.4.2)
    sass (3.1.19)
    thor (0.14.6)

PLATFORMS
  ruby

DEPENDENCIES
  bundler
  compass
  growl_notify
  guard (~> 0.8.8)
  guard-coffeescript (>= 0.5.2)
  guard-compass
  guard-livereload (>= 0.3.1)
  rb-fsevent
  rb-readline
